GEM
  remote: http://rubygems.org/
  specs:
    Ascii85 (1.1.0)
    addressable (2.8.6)
      public_suffix (>= 2.0.2, < 6.0)
    afm (0.2.2)
    asciidoctor (2.0.22)
    asciidoctor-pdf (2.3.15)
      asciidoctor (~> 2.0)
      concurrent-ruby (~> 1.1)
      matrix (~> 0.4)
      prawn (~> 2.4.0)
      prawn-icon (~> 3.0.0)
      prawn-svg (~> 0.34.0)
      prawn-table (~> 0.2.0)
      prawn-templates (~> 0.1.0)
      treetop (~> 1.6.0)
      ttfunk (~> 1.7.0)
    base64 (0.2.0)
    bigdecimal (3.1.7)
    clamp (1.3.2)
    concurrent-ruby (1.2.3)
    css_parser (1.17.1)
      addressable
    erubis (2.7.0)
    hana (1.3.7)
    hashery (2.1.2)
    json_schema (0.21.0)
    json_schemer (2.2.1)
      base64
      bigdecimal
      hana (~> 1.3)
      regexp_parser (~> 2.0)
      simpleidn (~> 0.2)
    matrix (0.4.2)
    pdf-core (0.9.0)
    pdf-reader (2.12.0)
      Ascii85 (~> 1.0)
      afm (~> 0.2.1)
      hashery (~> 2.0)
      ruby-rc4
      ttfunk
    polyglot (0.3.5)
    prawn (2.4.0)
      pdf-core (~> 0.9.0)
      ttfunk (~> 1.7)
    prawn-icon (3.0.0)
      prawn (>= 1.1.0, < 3.0.0)
    prawn-svg (0.34.2)
      css_parser (~> 1.6)
      matrix (~> 0.4.2)
      prawn (>= 0.11.1, < 3)
      rexml (~> 3.2)
    prawn-table (0.2.2)
      prawn (>= 1.3.0, < 3.0.0)
    prawn-templates (0.1.2)
      pdf-reader (~> 2.0)
      prawn (~> 2.2)
    prmd (0.14.0)
      erubis (~> 2.7)
      json_schema (~> 0.3, >= 0.3.1)
    public_suffix (5.0.5)
    regexp_parser (2.9.0)
    rexml (3.2.6)
    ruby-rc4 (0.1.5)
    simpleidn (0.2.1)
      unf (~> 0.1.4)
    treetop (1.6.12)
      polyglot (~> 0.3)
    ttfunk (1.7.0)
    unf (0.1.4)
      unf_ext
    unf_ext (0.0.9.1)

PLATFORMS
  x64-mingw-ucrt

DEPENDENCIES
  asciidoctor
  asciidoctor-pdf
  clamp
  json_schemer
  prmd

BUNDLED WITH
   2.5.9
